GEM
  remote: https://rubygems.org/
  specs:
    benchmark_driver (0.10.6)
    coderay (1.1.2)
    method_source (0.9.0)
    pry (0.11.3)
      coderay (~> 1.1.0)
      method_source (~> 0.9.0)

PLATFORMS
  ruby

DEPENDENCIES
  benchmark_driver
  pry

BUNDLED WITH
   1.16.1
