GEM
  remote: https://rubygems.org/
  specs:
    benchmark-ips (2.7.2)
    rake (12.0.0)

PLATFORMS
  ruby

DEPENDENCIES
  benchmark-ips
  rake

BUNDLED WITH
   1.15.4
